PATH
  remote: .
  specs:
    snip (0.1.0)
      grpc

GEM
  remote: https://rubygems.org/
  specs:
    google-protobuf (3.6.1)
    googleapis-common-protos-types (1.0.2)
      google-protobuf (~> 3.0)
    grpc (1.14.1)
      google-protobuf (~> 3.1)
      googleapis-common-protos-types (~> 1.0.0)
    rake (10.5.0)

PLATFORMS
  ruby

DEPENDENCIES
  bundler (~> 1.16)
  rake (~> 10.0)
  snip!

BUNDLED WITH
   1.16.4
